GEM
  remote: https://rubygems.org/
  specs:
    colored (1.2)
    cri (2.4.1)
      colored (>= 1.2)
    haml (4.0.4)
      tilt
    nanoc (3.6.7)
      cri (~> 2.3)
    sass (3.2.7)
    tilt (2.0.0)

PLATFORMS
  ruby

DEPENDENCIES
  haml
  nanoc
  sass
